GEM
  remote: https://rubygems.org/
  specs:
    activesupport (4.2.11.3)
      i18n (~> 0.7)
      minitest (~> 5.1)
      thread_safe (~> 0.3, >= 0.3.4)
      tzinfo (~> 1.1)
    concurrent-ruby (1.1.9)
    i18n (0.9.5)
      concurrent-ruby (~> 1.0)
    minitest (5.14.4)
    rabl (0.14.5)
      activesupport (>= 2.3.14)
    rack (1.6.13)
    rack-protection (1.5.5)
      rack
    rake (10.5.0)
    sequel (4.49.0)
    sinatra (1.4.8)
      rack (~> 1.5)
      rack-protection (~> 1.4)
      tilt (>= 1.3, < 3)
    sqlite3 (1.4.2)
    thread_safe (0.3.6)
    tilt (2.0.10)
    tzinfo (1.2.9)
      thread_safe (~> 0.1)

PLATFORMS
  x86_64-linux

DEPENDENCIES
  activesupport (~> 4)
  rabl (~> 0.10)
  rake (~> 10.3)
  sequel (~> 4.13)
  sinatra (~> 1.4)
  sqlite3 (~> 1.3)

BUNDLED WITH
   2.2.31
